GEM
  remote: https://rubygems.org/
  specs:
    aws-sdk (2.6.39)
      aws-sdk-resources (= 2.6.39)
    aws-sdk-core (2.6.39)
      aws-sigv4 (~> 1.0)
      jmespath (~> 1.0)
    aws-sdk-resources (2.6.39)
      aws-sdk-core (= 2.6.39)
    aws-sigv4 (1.0.0)
    diff-lcs (1.3)
    facets (3.1.0)
    jmespath (1.3.1)
    mail (2.6.6)
      mime-types (>= 1.16, < 4)
    mime-types (3.1)
      mime-types-data (~> 3.2015)
    mime-types-data (3.2016.0521)
    rspec (3.6.0)
      rspec-core (~> 3.6.0)
      rspec-expectations (~> 3.6.0)
      rspec-mocks (~> 3.6.0)
    rspec-core (3.6.0)
      rspec-support (~> 3.6.0)
    rspec-expectations (3.6.0)
      diff-lcs (>= 1.2.0, < 2.0)
      rspec-support (~> 3.6.0)
    rspec-mocks (3.6.0)
      diff-lcs (>= 1.2.0, < 2.0)
      rspec-support (~> 3.6.0)
    rspec-support (3.6.0)

PLATFORMS
  ruby

DEPENDENCIES
  aws-sdk
  facets
  mail
  rspec

BUNDLED WITH
   1.15.3
